PATH
  remote: .
  specs:
    vaverka (0.0.0)
      dry-cli (= 0.6)

GEM
  remote: http://rubygems.org/
  specs:
    coderay (1.1.3)
    concurrent-ruby (1.1.9)
    dry-cli (0.6.0)
      concurrent-ruby (~> 1.0)
    method_source (1.0.0)
    pry (0.14.1)
      coderay (~> 1.1)
      method_source (~> 1.0)

PLATFORMS
  ruby

DEPENDENCIES
  pry
  vaverka!

BUNDLED WITH
   2.2.15
